GIT
  remote: git://github.com/arturaz/flag_shih_tzu.git
  revision: 4cb1c9088e6fb33eec49bda402f92cef11c2dc69
  specs:
    flag_shih_tzu (0.2.4)
      activerecord (>= 2.3.0)

GIT
  remote: git://github.com/tarcieri/celluloid-io.git
  revision: 8fa4d7a8e9025e6cc0b0764fc1a90e72f16b6dbf
  specs:
    celluloid-io (0.9.0)
      celluloid (~> 0.9.0)
      nio4r (>= 0.3.1)

GIT
  remote: git://github.com/tarcieri/celluloid.git
  revision: acb47d7b3a8ac43589aa3e54baa79a95fc519475
  specs:
    celluloid (0.9.0)

GEM
  remote: http://rubygems.org/
  remote: http://gems.github.com/
  specs:
    activemodel (3.2.1)
      activesupport (= 3.2.1)
      builder (~> 3.0.0)
    activerecord (3.2.1)
      activemodel (= 3.2.1)
      activesupport (= 3.2.1)
      arel (~> 3.0.0)
      tzinfo (~> 0.3.29)
    activerecord-jdbc-adapter (1.2.2)
    activerecord-jdbcmysql-adapter (1.2.2)
      activerecord-jdbc-adapter (~> 1.2.2)
      jdbc-mysql (~> 5.1.0)
    activesupport (3.2.1)
      i18n (~> 0.6)
      multi_json (~> 1.0)
    arel (3.0.0)
    bouncy-castle-java (1.5.0146.1)
    builder (3.0.0)
    chronic (0.6.7)
    coderay (1.0.5)
    diff-lcs (1.1.3)
    eventmachine (0.12.10-java)
    factory_girl (2.1.2)
      activesupport
    i18n (0.6.0)
    jdbc-mysql (5.1.13)
    jruby-openssl (0.7.6.1)
      bouncy-castle-java (>= 1.5.0146.1)
    json (1.6.5-java)
    mail (2.4.1)
      i18n (>= 0.4.0)
      mime-types (~> 1.16)
      treetop (~> 1.4.8)
    mediawiki-gateway (0.4.4)
      activesupport
      rest-client (>= 1.3.0)
    method_source (0.7.0)
    mime-types (1.17.2)
    minitar (0.5.3)
    multi_json (1.0.4)
    net-scp (1.0.4)
      net-ssh (>= 1.99.1)
    net-sftp (2.0.5)
      net-ssh (>= 2.0.9)
    net-ssh (2.3.0)
    nio4r (0.3.1-java)
    polyglot (0.3.3)
    pry (0.9.8.2-java)
      coderay (~> 1.0.5)
      method_source (~> 0.7)
      slop (>= 2.4.4, < 3)
      spoon (~> 0.0)
    rake (0.9.2.2)
    rest-client (1.6.7)
      mime-types (>= 1.16)
    rspec (2.7.0)
      rspec-core (~> 2.7.0)
      rspec-expectations (~> 2.7.0)
      rspec-mocks (~> 2.7.0)
    rspec-core (2.7.1)
    rspec-expectations (2.7.0)
      diff-lcs (~> 1.1.2)
    rspec-mocks (2.7.0)
    slop (2.4.4)
    spoon (0.0.1)
    treetop (1.4.10)
      polyglot
      polyglot (>= 0.3.1)
    tzinfo (0.3.31)
    xml-simple (1.1.1)

PLATFORMS
  java

DEPENDENCIES
  activerecord (~> 3.2.0)
  activerecord-jdbcmysql-adapter (~> 1.1)
  activesupport (~> 3.2.0)
  celluloid!
  celluloid-io!
  chronic (>= 0.6.2)
  eventmachine (>= 0.12.6)
  factory_girl (~> 2.1.2)
  flag_shih_tzu!
  jruby-openssl (>= 0.7.6.1)
  json (>= 1.4.6)
  mail (>= 2.2)
  mediawiki-gateway
  minitar
  net-scp (~> 1.0)
  net-sftp (~> 2.0)
  net-ssh (~> 2.0)
  pry
  rake (~> 0.9.0)
  rest-client
  rspec (~> 2.7.0)
  xml-simple (~> 1.0)
