GIT
  remote: git://github.com/arturaz/flag_shih_tzu.git
  revision: 4cb1c9088e6fb33eec49bda402f92cef11c2dc69
  specs:
    flag_shih_tzu (0.2.4)
      activerecord (>= 2.3.0)

GIT
  remote: git://github.com/celluloid/celluloid.git
  revision: 53b31cb209dd8cc4d3abc89ed98eef9fb0eba01f
  specs:
    celluloid (0.10.0)

GIT
  remote: git://github.com/pry/pry.git
  revision: 6b3dfeee43eec01ff36905bda512a41cf9498dc0
  specs:
    pry (0.9.9)
      coderay (~> 1.0.5)
      method_source (~> 0.7.1)
      slop (>= 2.4.4, < 3)

GEM
  remote: http://rubygems.org/
  remote: http://gems.github.com/
  specs:
    activemodel (3.2.3)
      activesupport (= 3.2.3)
      builder (~> 3.0.0)
    activerecord (3.2.3)
      activemodel (= 3.2.3)
      activesupport (= 3.2.3)
      arel (~> 3.0.2)
      tzinfo (~> 0.3.29)
    activerecord-jdbc-adapter (1.2.2)
    activerecord-jdbcmysql-adapter (1.2.2)
      activerecord-jdbc-adapter (~> 1.2.2)
      jdbc-mysql (~> 5.1.0)
    activesupport (3.2.3)
      i18n (~> 0.6)
      multi_json (~> 1.0)
    arel (3.0.2)
    bouncy-castle-java (1.5.0146.1)
    builder (3.0.0)
    chronic (0.6.7)
    coderay (1.0.6)
    diff-lcs (1.1.3)
    eventmachine (0.12.10)
    eventmachine (0.12.10-java)
    factory_girl (2.1.2)
      activesupport
    i18n (0.6.0)
    jdbc-mysql (5.1.13)
    jruby-openssl (0.7.6.1)
      bouncy-castle-java (>= 1.5.0146.1)
    jruby-pageant (1.0.2)
    jruby-pageant (1.0.2-java)
    jruby-scala-collections (0.1.2)
    json (1.6.6)
    json (1.6.6-java)
    mail (2.4.4)
      i18n (>= 0.4.0)
      mime-types (~> 1.16)
      treetop (~> 1.4.8)
    mediawiki-gateway (0.4.4)
      activesupport
      rest-client (>= 1.3.0)
    method_source (0.7.1)
    mime-types (1.18)
    minitar (0.5.3)
    multi_json (1.3.2)
    net-scp (1.0.4)
      net-ssh (>= 1.99.1)
    net-sftp (2.0.5)
      net-ssh (>= 2.0.9)
    net-ssh (2.4.0)
      jruby-pageant (>= 1.0.2)
    polyglot (0.3.3)
    rake (0.9.2.2)
    rest-client (1.6.7)
      mime-types (>= 1.16)
    rspec (2.9.0)
      rspec-core (~> 2.9.0)
      rspec-expectations (~> 2.9.0)
      rspec-mocks (~> 2.9.0)
    rspec-core (2.9.0)
    rspec-expectations (2.9.1)
      diff-lcs (~> 1.1.3)
    rspec-mocks (2.9.0)
    slop (2.4.4)
    treetop (1.4.10)
      polyglot
      polyglot (>= 0.3.1)
    tzinfo (0.3.33)
    xml-simple (1.1.1)

PLATFORMS
  java

DEPENDENCIES
  activerecord (~> 3.2.0)
  activerecord-jdbcmysql-adapter (~> 1.1)
  activesupport (~> 3.2.0)
  celluloid!
  chronic (>= 0.6.2)
  eventmachine
  factory_girl (~> 2.1.2)
  flag_shih_tzu!
  jruby-openssl (>= 0.7.6.1)
  jruby-scala-collections (>= 0.1.2)
  json (>= 1.4.6)
  mail (>= 2.2)
  mediawiki-gateway
  minitar
  net-scp
  net-sftp
  net-ssh (>= 2.4.0)
  pry!
  rake (~> 0.9.0)
  rest-client
  rspec (~> 2.9.0)
  xml-simple (~> 1.0)
