GEM
  remote: http://rubygems.org/
  remote: http://gems.github.com/
  specs:
    activemodel (3.0.10)
      activesupport (= 3.0.10)
      builder (~> 2.1.2)
      i18n (~> 0.5.0)
    activerecord (3.0.10)
      activemodel (= 3.0.10)
      activesupport (= 3.0.10)
      arel (~> 2.0.10)
      tzinfo (~> 0.3.23)
    activerecord-jdbc-adapter (1.2.0)
    activerecord-jdbcmysql-adapter (1.2.0)
      activerecord-jdbc-adapter (~> 1.2.0)
      jdbc-mysql (~> 5.1.0)
    activesupport (3.0.10)
    arel (2.0.10)
    bouncy-castle-java (1.5.0146.1)
    builder (2.1.2)
    chronic (0.6.4)
    coderay (0.9.8)
    columnize (0.3.4)
    diff-lcs (1.1.3)
    eventmachine (0.12.10-java)
    factory_girl (2.1.2)
      activesupport
    i18n (0.5.0)
    jdbc-mysql (5.1.13)
    jruby-openssl (0.7.4)
      bouncy-castle-java
    json (1.6.1-java)
    linecache (0.46-java)
    mail (2.3.0)
      i18n (>= 0.4.0)
      mime-types (~> 1.16)
      treetop (~> 1.4.8)
    mediawiki-gateway (0.4.3)
      activesupport
      rest-client (>= 1.3.0)
    metaclass (0.0.1)
    method_source (0.6.5)
      ruby_parser (>= 2.0.5)
    mime-types (1.16)
    minitar (0.5.3)
    mocha (0.10.0)
      metaclass (~> 0.0.1)
    net-scp (1.0.4)
      net-ssh (>= 1.99.1)
    net-sftp (2.0.5)
      net-ssh (>= 2.0.9)
    net-ssh (2.2.1)
    polyglot (0.3.2)
    pry (0.9.5-java)
      coderay (>= 0.9.8)
      method_source (>= 0.6.5)
      ruby_parser (>= 2.0.5)
      slop (~> 2.1.0)
      spoon (>= 0.0.1)
    rake (0.9.2)
    rest-client (1.6.7)
      mime-types (>= 1.16)
    rspec (2.6.0)
      rspec-core (~> 2.6.0)
      rspec-expectations (~> 2.6.0)
      rspec-mocks (~> 2.6.0)
    rspec-core (2.6.4)
    rspec-expectations (2.6.0)
      diff-lcs (~> 1.1.2)
    rspec-mocks (2.6.0)
    ruby-debug (0.10.5.rc1)
      columnize (>= 0.1)
      ruby-debug-base (~> 0.10.5.rc1.0)
    ruby-debug-base (0.10.5.rc1-java)
      linecache (>= 0.3)
    ruby_parser (2.3.0)
      sexp_processor (~> 3.0)
    sexp_processor (3.0.6)
    slop (2.1.0)
    spoon (0.0.1)
    treetop (1.4.10)
      polyglot
      polyglot (>= 0.3.1)
    tzinfo (0.3.29)
    xml-simple (1.1.0)

PLATFORMS
  java

DEPENDENCIES
  activerecord (~> 3.0.9)
  activerecord-jdbcmysql-adapter (~> 1.1)
  activesupport (~> 3.0.9)
  chronic (>= 0.6.2)
  eventmachine (>= 0.12.6)
  factory_girl (~> 2.0)
  jruby-openssl
  json (>= 1.4.6)
  mail (>= 2.2)
  mediawiki-gateway
  minitar
  mocha
  net-scp (~> 1.0)
  net-sftp (~> 2.0)
  net-ssh (~> 2.0)
  pry
  rake (~> 0.9.0)
  rest-client
  rspec (~> 2.0)
  ruby-debug (~> 0.10.5.rc1)
  xml-simple (~> 1.0)
