GIT
  remote: git://github.com/arturaz/flag_shih_tzu.git
  revision: 4cb1c9088e6fb33eec49bda402f92cef11c2dc69
  specs:
    flag_shih_tzu (0.2.4)
      activerecord (>= 2.3.0)

GEM
  remote: http://rubygems.org/
  remote: http://gems.github.com/
  specs:
    activemodel (3.0.11)
      activesupport (= 3.0.11)
      builder (~> 2.1.2)
      i18n (~> 0.5.0)
    activerecord (3.0.11)
      activemodel (= 3.0.11)
      activesupport (= 3.0.11)
      arel (~> 2.0.10)
      tzinfo (~> 0.3.23)
    activerecord-jdbc-adapter (1.2.1)
    activerecord-jdbcmysql-adapter (1.2.1)
      activerecord-jdbc-adapter (~> 1.2.1)
      jdbc-mysql (~> 5.1.0)
    activesupport (3.0.11)
    arel (2.0.10)
    bouncy-castle-java (1.5.0146.1)
    builder (2.1.2)
    chronic (0.6.6)
    coderay (0.9.8)
    diff-lcs (1.1.3)
    eventmachine (0.12.10-java)
    factory_girl (2.1.2)
      activesupport
    i18n (0.5.0)
    jdbc-mysql (5.1.13)
    jruby-openssl (0.7.4)
      bouncy-castle-java
    json (1.6.3-java)
    mail (2.3.0)
      i18n (>= 0.4.0)
      mime-types (~> 1.16)
      treetop (~> 1.4.8)
    mediawiki-gateway (0.4.3)
      activesupport
      rest-client (>= 1.3.0)
    method_source (0.6.7)
      ruby_parser (>= 2.3.1)
    mime-types (1.17.2)
    minitar (0.5.3)
    net-scp (1.0.4)
      net-ssh (>= 1.99.1)
    net-sftp (2.0.5)
      net-ssh (>= 2.0.9)
    net-ssh (2.2.1)
    polyglot (0.3.3)
    pry (0.9.7.4-java)
      coderay (~> 0.9.8)
      method_source (~> 0.6.7)
      ruby_parser (>= 2.3.1)
      slop (~> 2.1.0)
      spoon (~> 0.0.1)
    rake (0.9.2.2)
    rest-client (1.6.7)
      mime-types (>= 1.16)
    rspec (2.7.0)
      rspec-core (~> 2.7.0)
      rspec-expectations (~> 2.7.0)
      rspec-mocks (~> 2.7.0)
    rspec-core (2.7.1)
    rspec-expectations (2.7.0)
      diff-lcs (~> 1.1.2)
    rspec-mocks (2.7.0)
    ruby_parser (2.3.1)
      sexp_processor (~> 3.0)
    sexp_processor (3.0.9)
    slop (2.1.0)
    spoon (0.0.1)
    treetop (1.4.10)
      polyglot
      polyglot (>= 0.3.1)
    tzinfo (0.3.31)
    xml-simple (1.1.1)

PLATFORMS
  java

DEPENDENCIES
  activerecord (~> 3.0.9)
  activerecord-jdbcmysql-adapter (~> 1.1)
  activesupport (~> 3.0.9)
  chronic (>= 0.6.2)
  eventmachine (>= 0.12.6)
  factory_girl (~> 2.1.2)
  flag_shih_tzu!
  jruby-openssl
  json (>= 1.4.6)
  mail (>= 2.2)
  mediawiki-gateway
  minitar
  net-scp (~> 1.0)
  net-sftp (~> 2.0)
  net-ssh (~> 2.0)
  pry
  rake (~> 0.9.0)
  rest-client
  rspec (~> 2.7.0)
  xml-simple (~> 1.0)
